GEM
  remote: http://rubygems.org/
  specs:
    coderay (1.1.2)
    method_source (0.8.2)
    midwire_common (0.1.16)
      thor (~> 0.19)
    pry (0.10.4)
      coderay (~> 1.1.0)
      method_source (~> 0.8.1)
      slop (~> 3.4)
    pry-nav (0.2.4)
      pry (>= 0.9.10, < 0.11.0)
    rake (12.2.1)
    rubyzip (1.2.1)
    slop (3.6.0)
    sqlite3 (1.3.11)
    thor (0.19.1)

PLATFORMS
  ruby

DEPENDENCIES
  midwire_common
  pry-nav
  rake
  rubyzip (~> 1.2.1)
  sqlite3

BUNDLED WITH
   1.15.4
